{
	"Modality": "MR",
	"MagneticFieldStrength": 3,
	"ImagingFrequency": 127.764,
	"Manufacturer": "GE",
	"PulseSequenceName": "epiRT",
	"InternalPulseSequenceName": "EPI",
	"ManufacturersModelName": "DISCOVERY MR750",
	"InstitutionName": "NCKU",
	"DeviceSerialNumber": "00000000GEMRGEMR",
	"StationName": "GEMRGEMR",
	"BodyPartExamined": "HEAD",
	"PatientPosition": "HFS",
	"SoftwareVersions": "27\\LX\\MR Software release:DV25.1_R02_1649.a",
	"MRAcquisitionType": "2D",
	"SeriesDescription": "CON_run1",
	"ProtocolName": "1.713 NCKU_KungLab_Envir",
	"ScanningSequence": "EP\\GR",
	"SequenceVariant": "SS",
	"ScanOptions": "EPI_GEMS\\ACC_GEMS",
	"ImageType": ["ORIGINAL", "PRIMARY", "EPI", "NONE"],
	"SeriesNumber": 4,
	"AcquisitionTime": "12:17:0.000000",
	"AcquisitionNumber": 1,
	"SliceThickness": 3,
	"SpacingBetweenSlices": 3,
	"SAR": 0.299308,
	"EchoTime": 0.033,
	"RepetitionTime": 2,
	"FlipAngle": 76,
	"PhaseEncodingPolarityGE": "Flipped",
	"CoilString": "32Ch Head",
	"PercentPhaseFOV": 100,
	"PercentSampling": 100,
	"AcquisitionMatrixPE": 64,
	"ReconMatrixPE": 64,
	"ParallelReductionFactorInPlane": 2,
	"EffectiveEchoSpacing": 0.000230286,
	"TotalReadoutTime": 0.014508,
	"PixelBandwidth": 7812.5,
	"PhaseEncodingDirection": "j",
	"SliceTiming": [
		0,
		1,
		0.05,
		1.05,
		0.1,
		1.1,
		0.15,
		1.15,
		0.2,
		1.2,
		0.25,
		1.25,
		0.3,
		1.3,
		0.35,
		1.35,
		0.4,
		1.4,
		0.45,
		1.45,
		0.5,
		1.5,
		0.55,
		1.55,
		0.6,
		1.6,
		0.65,
		1.65,
		0.7,
		1.7,
		0.75,
		1.75,
		0.8,
		1.8,
		0.85,
		1.85,
		0.9,
		1.9,
		0.95,
		1.95	],
	"ImageOrientationPatientDICOM": [
		0.994749,
		0.0570946,
		0.0849413,
		-0.0495946,
		0.994891,
		-0.0879283	],
	"InPlanePhaseEncodingDirectionDICOM": "COL",
	"ConversionSoftware": "dcm2niix",
	"ConversionSoftwareVersion": "v1.0.20210317"
}
